PATH
  remote: .
  specs:
    lino (2.6.0.pre.1)
      hamster (~> 3.0)
      open4 (~> 1.3)

GEM
  remote: https://rubygems.org/
  specs:
    activesupport (6.1.0)
      concurrent-ruby (~> 1.0, >= 1.0.2)
      i18n (>= 1.6, < 2)
      minitest (>= 5.1)
      tzinfo (~> 2.0)
      zeitwerk (~> 2.3)
    addressable (2.7.0)
      public_suffix (>= 2.0.2, < 5.0)
    ast (2.4.2)
    colored2 (3.1.2)
    concurrent-ruby (1.1.7)
    diff-lcs (1.4.4)
    docile (1.3.4)
    excon (0.78.1)
    faraday (1.3.0)
      faraday-net_http (~> 1.0)
      multipart-post (>= 1.2, < 3)
      ruby2_keywords
    faraday-net_http (1.0.0)
    gem-release (2.2.0)
    hamster (3.0.0)
      concurrent-ruby (~> 1.0)
    i18n (1.8.6)
      concurrent-ruby (~> 1.0)
    minitest (5.14.2)
    multipart-post (2.1.1)
    octokit (4.20.0)
      faraday (>= 0.9)
      sawyer (~> 0.8.0, >= 0.5.3)
    open4 (1.3.4)
    parallel (1.20.1)
    parser (3.0.0.0)
      ast (~> 2.4.1)
    public_suffix (4.0.6)
    rainbow (3.0.0)
    rake (13.0.3)
    rake_circle_ci (0.9.0)
      colored2 (~> 3.1)
      excon (~> 0.72)
      rake_factory (~> 0.23)
      sshkey (~> 2.0)
    rake_factory (0.27.0)
      activesupport (>= 4)
      rake (~> 13.0)
    rake_github (0.5.0)
      colored2 (~> 3.1)
      octokit (~> 4.16)
      rake_factory (~> 0.23)
      sshkey (~> 2.0)
    rake_gpg (0.12.0)
      rake_factory (>= 0.23, < 1)
      ruby_gpg2 (>= 0.6, < 1)
    rake_ssh (0.4.0)
      colored2 (~> 3.1)
      rake_factory (~> 0.23)
      sshkey (~> 2.0)
    regexp_parser (2.1.1)
    rexml (3.2.5)
    rspec (3.10.0)
      rspec-core (~> 3.10.0)
      rspec-expectations (~> 3.10.0)
      rspec-mocks (~> 3.10.0)
    rspec-core (3.10.1)
      rspec-support (~> 3.10.0)
    rspec-expectations (3.10.1)
      diff-lcs (>= 1.2.0, < 2.0)
      rspec-support (~> 3.10.0)
    rspec-mocks (3.10.1)
      diff-lcs (>= 1.2.0, < 2.0)
      rspec-support (~> 3.10.0)
    rspec-support (3.10.1)
    rubocop (1.12.0)
      parallel (~> 1.10)
      parser (>= 3.0.0.0)
      rainbow (>= 2.2.2, < 4.0)
      regexp_parser (>= 1.8, < 3.0)
      rexml
      rubocop-ast (>= 1.2.0, < 2.0)
      ruby-progressbar (~> 1.7)
      unicode-display_width (>= 1.4.0, < 3.0)
    rubocop-ast (1.4.1)
      parser (>= 2.7.1.5)
    rubocop-rake (0.5.1)
      rubocop
    rubocop-rspec (2.2.0)
      rubocop (~> 1.0)
      rubocop-ast (>= 1.1.0)
    ruby-progressbar (1.11.0)
    ruby2_keywords (0.0.2)
    ruby_gpg2 (0.6.0)
      lino (>= 1.5)
    sawyer (0.8.2)
      addressable (>= 2.3.5)
      faraday (> 0.8, < 2.0)
    simplecov (0.20.0)
      docile (~> 1.1)
      simplecov-html (~> 0.11)
      simplecov_json_formatter (~> 0.1)
    simplecov-html (0.12.3)
    simplecov_json_formatter (0.1.2)
    sshkey (2.0.0)
    tzinfo (2.0.4)
      concurrent-ruby (~> 1.0)
    unicode-display_width (2.0.0)
    zeitwerk (2.4.2)

PLATFORMS
  ruby

DEPENDENCIES
  bundler (~> 2.0)
  gem-release (~> 2.0)
  lino!
  rake (~> 13.0)
  rake_circle_ci (~> 0.9)
  rake_github (~> 0.5)
  rake_gpg (~> 0.12)
  rake_ssh (~> 0.4)
  rspec (~> 3.9)
  rubocop (~> 1.12)
  rubocop-rake (~> 0.5)
  rubocop-rspec (~> 2.2)
  simplecov (~> 0.16)

BUNDLED WITH
   2.2.16
